GEM
  remote: https://rubygems.org/
  specs:
    bigdecimal (3.1.5)
    coderay (1.1.3)
    date (3.3.4)
    extlz4 (0.3.4)
    fileutils (1.7.2)
    json (2.7.1)
    method_source (1.0.0)
    oj (3.16.3)
      bigdecimal (>= 3.0)
    ostruct (0.6.0)
    pry (0.14.2)
      coderay (~> 1.1)
      method_source (~> 1.0)
    sqlite3 (1.7.0-arm64-darwin)
    time (0.3.0)
      date

PLATFORMS
  arm64-darwin-22

DEPENDENCIES
  extlz4
  fileutils
  json
  oj
  ostruct
  pry
  sqlite3
  time

BUNDLED WITH
   2.4.1
