GEM
  remote: https://rubygems.org/
  specs:
    addressable (2.8.6)
      public_suffix (>= 2.0.2, < 6.0)
    bigdecimal (3.1.5)
    coderay (1.1.3)
    concurrent-ruby (1.2.2)
    date (3.3.4)
    digest (3.1.1)
    domain_name (0.5.20190701)
      unf (>= 0.0.5, < 1.0.0)
    extlz4 (0.3.4)
    ferrum (0.14)
      addressable (~> 2.5)
      concurrent-ruby (~> 1.1)
      webrick (~> 1.7)
      websocket-driver (>= 0.6, < 0.8)
    fileutils (1.7.2)
    http-accept (1.7.0)
    http-cookie (1.0.5)
      domain_name (~> 0.5)
    json (2.7.1)
    method_source (1.0.0)
    mime-types (3.4.1)
      mime-types-data (~> 3.2015)
    mime-types-data (3.2022.0105)
    netrc (0.11.0)
    oj (3.16.3)
      bigdecimal (>= 3.0)
    ostruct (0.6.0)
    pry (0.14.2)
      coderay (~> 1.1)
      method_source (~> 1.0)
    public_suffix (5.0.4)
    rest-client (2.1.0)
      http-accept (>= 1.7.0, < 2.0)
      http-cookie (>= 1.0.2, < 2.0)
      mime-types (>= 1.16, < 4.0)
      netrc (~> 0.8)
    sqlite3 (1.7.0-arm64-darwin)
    time (0.3.0)
      date
    unf (0.1.4)
      unf_ext
    unf_ext (0.0.8.2)
    uri (0.13.0)
    webrick (1.8.1)
    websocket-driver (0.7.6)
      websocket-extensions (>= 0.1.0)
    websocket-extensions (0.1.5)

PLATFORMS
  arm64-darwin-22

DEPENDENCIES
  digest
  extlz4
  ferrum
  fileutils
  json
  oj
  ostruct
  pry
  rest-client
  sqlite3
  time
  uri

BUNDLED WITH
   2.4.1
